GEM
  remote: http://rubygems.org/
  specs:
    addressable (2.3.6)
    fastimage (1.6.6)
      addressable (~> 2.3, >= 2.3.5)
    haml (5.0.0)
      temple (>= 0.8.0)
      tilt
    jsmin (1.0.1)
    mobileesp_converted (0.2.3)
    mobvious (0.3.2)
      mobileesp_converted (~> 0.2.0)
      rack (>= 1.1.0)
    rack (1.6.0)
    rack-protection (1.5.3)
      rack
    rack-test (0.6.2)
      rack (>= 1.0)
    sinatra (1.3.3)
      rack (~> 1.3, >= 1.3.6)
      rack-protection (~> 1.2)
      tilt (~> 1.3, >= 1.3.3)
    sinatra-assetpack (0.3.3)
      jsmin
      rack-test
      sinatra
      tilt (>= 1.3.0, < 2.0)
    temple (0.8.2)
    tilt (1.4.1)

PLATFORMS
  ruby

DEPENDENCIES
  fastimage
  haml (= 5.0.0)
  mobvious
  sinatra (= 1.3.3)
  sinatra-assetpack
